GEM
  remote: https://rubygems.org/
  specs:
    optimist (3.0.1)
    pandocomatic (0.2.7.6)
      optimist (~> 3.0.0, >= 3.0.0)
      paru (~> 0.4, >= 0.4.2.2)
    paru (0.4.2.2)

PLATFORMS
  ruby

DEPENDENCIES
  pandocomatic

BUNDLED WITH
   2.1.4
